GIT
  remote: https://github.com/12joan/png_to_pixil
  revision: 4af61b54bbd85d15b556234a90cea121e797b868
  specs:
    png_to_pixil (0.1.0)

GEM
  remote: https://rubygems.org/
  specs:
    mustermann (1.1.1)
      ruby2_keywords (~> 0.0.1)
    rack (2.2.3)
    rack-protection (2.0.8.1)
      rack
    ruby2_keywords (0.0.2)
    sinatra (2.0.8.1)
      mustermann (~> 1.0)
      rack (~> 2.0)
      rack-protection (= 2.0.8.1)
      tilt (~> 2.0)
    tilt (2.0.10)

PLATFORMS
  ruby

DEPENDENCIES
  png_to_pixil!
  sinatra

BUNDLED WITH
   2.1.4
